GEM
  remote: https://rubygems.org/
  specs:
    childprocess (0.3.9)
      ffi (~> 1.0, >= 1.0.11)
    coderay (1.0.9)
    coffee-script (2.2.0)
      coffee-script-source
      execjs
    coffee-script-source (1.6.2)
    diff-lcs (1.2.4)
    execjs (1.4.0)
      multi_json (~> 1.0)
    ffi (1.9.0)
    formatador (0.2.4)
    guard (1.8.1)
      formatador (>= 0.2.4)
      listen (>= 1.0.0)
      lumberjack (>= 1.0.2)
      pry (>= 0.9.10)
      thor (>= 0.14.6)
    guard-coffeescript (1.3.2)
      coffee-script (>= 2.2.0)
      guard (>= 1.1.0)
    guard-shell (0.5.1)
      guard (>= 1.1.0)
    haml_coffee_assets (1.12.0)
      coffee-script (>= 1.0.0)
      sprockets (>= 2.0.3)
      tilt (>= 1.3.3)
    hike (1.2.3)
    jasmine (1.3.2)
      jasmine-core (~> 1.3.1)
      rack (~> 1.0)
      rspec (>= 1.3.1)
      selenium-webdriver (>= 0.1.3)
    jasmine-core (1.3.1)
    listen (1.2.2)
      rb-fsevent (>= 0.9.3)
      rb-inotify (>= 0.9)
      rb-kqueue (>= 0.2)
    lumberjack (1.0.3)
    method_source (0.8.1)
    multi_json (1.7.7)
    pry (0.9.12.2)
      coderay (~> 1.0.5)
      method_source (~> 0.8)
      slop (~> 3.4)
    rack (1.5.2)
    rake (10.1.0)
    rb-fsevent (0.9.3)
    rb-inotify (0.9.0)
      ffi (>= 0.5.0)
    rb-kqueue (0.2.0)
      ffi (>= 0.5.0)
    rspec (2.13.0)
      rspec-core (~> 2.13.0)
      rspec-expectations (~> 2.13.0)
      rspec-mocks (~> 2.13.0)
    rspec-core (2.13.1)
    rspec-expectations (2.13.0)
      diff-lcs (>= 1.1.3, < 2.0)
    rspec-mocks (2.13.1)
    rubyzip (0.9.9)
    sass (3.2.9)
    selenium-webdriver (2.33.0)
      childprocess (>= 0.2.5)
      multi_json (~> 1.0)
      rubyzip
      websocket (~> 1.0.4)
    slop (3.4.5)
    sprockets (2.10.0)
      hike (~> 1.2)
      multi_json (~> 1.0)
      rack (~> 1.0)
      tilt (~> 1.1, != 1.3.0)
    sprockets-sass (1.0.1)
      sprockets (~> 2.0)
      tilt (~> 1.1)
    terminal-notifier-guard (1.5.3)
    thor (0.18.1)
    tilt (1.4.1)
    websocket (1.0.7)

PLATFORMS
  ruby

DEPENDENCIES
  execjs
  guard-coffeescript
  guard-shell
  haml_coffee_assets
  jasmine
  rake
  rb-fsevent (~> 0.9.1)
  sass
  sprockets
  sprockets-sass
  terminal-notifier-guard
